GEM
  remote: https://rubygems.org/
  specs:
    diff-lcs (1.1.3)
    git_repository (0.0.11)
    rack (1.5.2)
    rack-protection (1.5.0)
      rack
    rspec (2.6.0)
      rspec-core (~> 2.6.0)
      rspec-expectations (~> 2.6.0)
      rspec-mocks (~> 2.6.0)
    rspec-core (2.6.4)
    rspec-expectations (2.6.0)
      diff-lcs (~> 1.1.2)
    rspec-mocks (2.6.0)
    sinatra (1.4.3)
      rack (~> 1.4)
      rack-protection (~> 1.4)
      tilt (~> 1.3, >= 1.3.4)
    tilt (1.4.1)

PLATFORMS
  ruby

DEPENDENCIES
  git_repository
  rspec (~> 2.6.0)
  sinatra
